GEM
  remote: http://rubygems.org/
  specs:
    diff-lcs (1.1.3)
    ffi (1.3.1)
    json (1.7.6)
    listen (0.7.2)
    notify (0.4.0)
    open4 (1.3.0)
    rb-inotify (0.8.8)
      ffi (>= 0.5.0)
    rdoc (3.12)
      json (~> 1.4)
    redcarpet (2.2.2)
    rspec (2.12.0)
      rspec-core (~> 2.12.0)
      rspec-expectations (~> 2.12.0)
      rspec-mocks (~> 2.12.0)
    rspec-core (2.12.2)
    rspec-expectations (2.12.1)
      diff-lcs (~> 1.1.3)
    rspec-mocks (2.12.2)
    rspec_org_formatter (0.2.2)
      rspec (>= 2.6.0)
    spectator (1.2.6)
      listen
      notify
      term-ansicolor
    term-ansicolor (1.0.7)
    yard (0.8.3)

PLATFORMS
  ruby

DEPENDENCIES
  open4
  rb-inotify (~> 0.8.8)
  rdoc
  redcarpet
  rspec
  rspec_org_formatter
  spectator
  yard
