PATH
  remote: .
  specs:
    spectator-emacs (0.2.3)
      docopt
      open4
      rspec
      spectator (= 1.2.6)

GEM
  remote: http://rubygems.org/
  specs:
    diff-lcs (1.2.4)
    docopt (0.5.0)
    ffi (1.8.1)
    json (1.7.7)
    listen (1.1.3)
      rb-fsevent (>= 0.9.3)
      rb-inotify (>= 0.9)
      rb-kqueue (>= 0.2)
    notify (0.5.1)
    open4 (1.3.0)
    rb-fsevent (0.9.3)
    rb-inotify (0.9.0)
      ffi (>= 0.5.0)
    rb-kqueue (0.2.0)
      ffi (>= 0.5.0)
    rdoc (3.12.2)
      json (~> 1.4)
    redcarpet (2.2.2)
    rspec (2.13.0)
      rspec-core (~> 2.13.0)
      rspec-expectations (~> 2.13.0)
      rspec-mocks (~> 2.13.0)
    rspec-core (2.13.1)
    rspec-expectations (2.13.0)
      diff-lcs (>= 1.1.3, < 2.0)
    rspec-mocks (2.13.1)
    rspec_org_formatter (0.2.3)
      rspec (>= 2.6.0)
    rubygems-tasks (0.2.4)
    spectator (1.2.6)
      listen
      notify
      term-ansicolor
    term-ansicolor (1.2.1)
      tins (~> 0.8)
    tins (0.8.0)
    yard (0.8.6.1)

PLATFORMS
  ruby

DEPENDENCIES
  rdoc (~> 3.0)
  redcarpet
  rspec
  rspec_org_formatter
  rubygems-tasks (~> 0.2)
  spectator-emacs!
  yard
